PATH
  remote: vendor/gems/app_config-1.2.0
  specs:
    app_config (1.2.0)

GEM
  remote: http://rubygems.org/
  specs:
    POpen4 (0.1.4)
      Platform (>= 0.4.0)
      open4
    Platform (0.4.0)
    RedCloth (4.2.8)
    actionmailer (2.3.14)
      actionpack (= 2.3.14)
    actionpack (2.3.14)
      activesupport (= 2.3.14)
      rack (~> 1.1.0)
    activerecord (2.3.14)
      activesupport (= 2.3.14)
    activeresource (2.3.14)
      activesupport (= 2.3.14)
    activesupport (2.3.14)
    cgi_multipart_eof_fix (2.5.0)
    chunky_png (1.2.4)
    columnize (0.3.4)
    compass (0.11.5)
      chunky_png (~> 1.2)
      fssm (>= 0.2.7)
      sass (~> 3.1)
    daemon_controller (0.2.6)
    daemons (1.1.4)
    fastercsv (1.5.4)
    fastthread (1.0.7)
    fssm (0.2.7)
    gem_plugin (0.2.3)
    haml (3.1.3)
    iconv (0.1)
    jammit (0.6.3)
      yui-compressor (>= 0.9.3)
    linecache (0.46)
      rbx-require-relative (> 0.0.4)
    mongrel (1.1.5)
      cgi_multipart_eof_fix (>= 2.4)
      daemons (>= 1.0.3)
      fastthread (>= 1.0.1)
      gem_plugin (>= 0.2.3)
    mysql (2.8.1)
    open4 (0.9.6)
    passenger (3.0.9)
      daemon_controller (>= 0.2.5)
      fastthread (>= 1.0.1)
      rack
      rake (>= 0.8.1)
    rack (1.1.2)
    rails (2.3.14)
      actionmailer (= 2.3.14)
      actionpack (= 2.3.14)
      activerecord (= 2.3.14)
      activeresource (= 2.3.14)
      activesupport (= 2.3.14)
      rake (>= 0.8.3)
    rake (0.9.2)
    rake-remote_task (2.0.4)
      open4 (~> 0.9.0)
      rake (~> 0.8)
    rbx-require-relative (0.0.5)
    rmagick (2.13.1)
    ruby-debug (0.10.4)
      columnize (>= 0.1)
      ruby-debug-base (~> 0.10.4.0)
    ruby-debug-base (0.10.4)
      linecache (>= 0.3)
    sass (3.1.7)
    vlad (2.2.2)
      open4 (~> 0.9.0)
      rake (~> 0.8)
      rake-remote_task (~> 2.0)
    vlad-git (2.2.0)
      vlad (>= 2.1.0)
    yui-compressor (0.9.6)
      POpen4 (>= 0.1.4)

PLATFORMS
  ruby

DEPENDENCIES
  RedCloth
  app_config!
  compass
  fastercsv
  haml
  iconv
  jammit
  mongrel
  mysql
  passenger
  rails (~> 2.3.14)
  rmagick
  ruby-debug
  sass
  vlad
  vlad-git
